GEM
  remote: https://rubygems.org/
  specs:
    babushka (0.1.0)

PLATFORMS
  ruby

DEPENDENCIES
  babushka (= 0.1.0)

RUBY VERSION
   ruby 2.3.0p0

BUNDLED WITH
   1.12.5
