GEM
  remote: https://rubygems.org/
  specs:
    babushka (0.1.0)
    diplomat (0.18.0)
      faraday (~> 0.9)
      json
    faraday (0.9.2)
      multipart-post (>= 1.2, < 3)
    json (2.0.1)
    multipart-post (2.0.0)

PLATFORMS
  ruby

DEPENDENCIES
  babushka (= 0.1.0)
  diplomat

RUBY VERSION
   ruby 2.4.2p198

BUNDLED WITH
   1.16.0
